PATH
  remote: .
  specs:
    bridgetown-related-posts (0.2.1)
      bridgetown (>= 1.3.0, < 3.0)

GEM
  remote: https://rubygems.org/
  specs:
    activemodel (7.1.3.4)
      activesupport (= 7.1.3.4)
    activesupport (7.1.3.4)
      base64
      bigdecimal
      concurrent-ruby (~> 1.0, >= 1.0.2)
      connection_pool (>= 2.2.5)
      drb
      i18n (>= 1.6, < 2)
      minitest (>= 5.1)
      mutex_m
      tzinfo (~> 2.0)
    addressable (2.8.7)
      public_suffix (>= 2.0.2, < 7.0)
    amazing_print (1.6.0)
    base64 (0.2.0)
    bigdecimal (3.1.8)
    bridgetown (1.3.4)
      bridgetown-builder (= 1.3.4)
      bridgetown-core (= 1.3.4)
      bridgetown-paginate (= 1.3.4)
    bridgetown-builder (1.3.4)
      bridgetown-core (= 1.3.4)
    bridgetown-core (1.3.4)
      activemodel (>= 6.0, < 8.0)
      activesupport (>= 6.0, < 8.0)
      addressable (~> 2.4)
      amazing_print (~> 1.2)
      colorator (~> 1.0)
      csv (~> 3.2)
      erubi (~> 1.9)
      faraday (~> 2.0)
      faraday-follow_redirects (~> 0.3)
      hash_with_dot_access (~> 1.2)
      i18n (~> 1.0)
      kramdown (~> 2.1)
      kramdown-parser-gfm (~> 1.0)
      liquid (>= 5.0, < 5.5)
      listen (~> 3.0)
      rake (>= 13.0)
      roda (~> 3.46)
      rouge (>= 3.0, < 5.0)
      serbea (~> 1.0)
      thor (~> 1.1)
      tilt (~> 2.0)
      zeitwerk (~> 2.5)
    bridgetown-paginate (1.3.4)
      bridgetown-core (= 1.3.4)
    colorator (1.1.0)
    concurrent-ruby (1.3.3)
    connection_pool (2.4.1)
    csv (3.3.0)
    drb (2.2.1)
    erubi (1.13.0)
    faraday (2.10.0)
      faraday-net_http (>= 2.0, < 3.2)
      logger
    faraday-follow_redirects (0.3.0)
      faraday (>= 1, < 3)
    faraday-net_http (3.1.1)
      net-http
    ffi (1.17.0)
    ffi (1.17.0-aarch64-linux-gnu)
    ffi (1.17.0-aarch64-linux-musl)
    ffi (1.17.0-arm-linux-gnu)
    ffi (1.17.0-arm-linux-musl)
    ffi (1.17.0-arm64-darwin)
    ffi (1.17.0-x86-linux-gnu)
    ffi (1.17.0-x86-linux-musl)
    ffi (1.17.0-x86_64-darwin)
    ffi (1.17.0-x86_64-linux-gnu)
    ffi (1.17.0-x86_64-linux-musl)
    hash_with_dot_access (1.2.0)
      activesupport (>= 5.0.0, < 8.0)
    i18n (1.14.5)
      concurrent-ruby (~> 1.0)
    kramdown (2.4.0)
      rexml
    kramdown-parser-gfm (1.1.0)
      kramdown (~> 2.0)
    liquid (5.4.0)
    listen (3.9.0)
      rb-fsevent (~> 0.10, >= 0.10.3)
      rb-inotify (~> 0.9, >= 0.9.10)
    logger (1.6.0)
    minitest (5.24.1)
    mutex_m (0.2.0)
    net-http (0.4.1)
      uri
    public_suffix (6.0.1)
    rack (3.1.7)
    rake (13.2.1)
    rb-fsevent (0.11.2)
    rb-inotify (0.11.1)
      ffi (~> 1.0)
    rexml (3.3.2)
      strscan
    roda (3.82.0)
      rack
    rouge (4.3.0)
    serbea (1.0.1)
      activesupport (>= 6.0)
      erubi (>= 1.10)
      tilt (~> 2.0)
    strscan (3.1.0)
    thor (1.3.1)
    tilt (2.4.0)
    tzinfo (2.0.6)
      concurrent-ruby (~> 1.0)
    uri (0.13.0)
    zeitwerk (2.6.16)

PLATFORMS
  aarch64-linux-gnu
  aarch64-linux-musl
  arm-linux-gnu
  arm-linux-musl
  arm64-darwin
  ruby
  x86-linux-gnu
  x86-linux-musl
  x86_64-darwin
  x86_64-linux-gnu
  x86_64-linux-musl

DEPENDENCIES
  bridgetown-related-posts!

BUNDLED WITH
   2.5.10
